GEM
  remote: https://rubygems.org/
  specs:
    builder (3.2.2)
    coderay (1.1.0)
    colored (1.2)
    cri (2.6.1)
      colored (~> 1.2)
    kramdown (1.3.3)
    mini_portile (0.6.0)
    mustache (0.99.5)
    nanoc (3.6.11)
      cri (~> 2.3)
    nokogiri (1.6.2.1)
      mini_portile (= 0.6.0)
    nokogiri (1.6.2.1-java)
    sass (3.3.7)
    systemu (2.6.4)

PLATFORMS
  java
  ruby

DEPENDENCIES
  builder
  coderay (>= 1.1.0)
  kramdown
  mustache
  nanoc (>= 3.6.11)
  nokogiri (>= 1.6.0)
  sass
  systemu
